GEM
  remote: https://rubygems.org/
  specs:
    mini_portile2 (2.3.0)
    nokogiri (1.8.1-x64-mingw32)
      mini_portile2 (~> 2.3.0)
    pg (0.21.0-x64-mingw32)

PLATFORMS
  x64-mingw32

DEPENDENCIES
  nokogiri
  pg

RUBY VERSION
   ruby 2.4.1p111

BUNDLED WITH
   1.15.3
